PATH
  remote: .
  specs:
    locomotivecms_mounter (1.2.1)
      RedCloth (~> 4.2.3)
      activesupport (~> 3.2.5)
      chronic (~> 0.9.1)
      coffee-script (~> 2.2.0)
      colorize (~> 0.5.8)
      compass (~> 0.12.1)
      haml (= 3.2.0.rc.2)
      httmultiparty (= 0.3.10)
      i18n (~> 0.6.0)
      json (~> 1.8.0)
      less (~> 2.2.1)
      logger
      mime-types (~> 1.19)
      multi_json (~> 1.2.0)
      sass (~> 3.2.1)
      stringex (~> 1.4.0)
      tilt (= 1.3.3)
      zip (~> 2.0.2)

GEM
  remote: http://rubygems.org/
  specs:
    RedCloth (4.2.9)
    activesupport (3.2.14)
      i18n (~> 0.6, >= 0.6.4)
      multi_json (~> 1.0)
    addressable (2.3.5)
    chronic (0.9.1)
    chunky_png (1.2.8)
    coffee-script (2.2.0)
      coffee-script-source
      execjs
    coffee-script-source (1.6.3)
    colorize (0.5.8)
    commonjs (0.2.6)
    compass (0.12.2)
      chunky_png (~> 1.2)
      fssm (>= 0.2.7)
      sass (~> 3.1)
    crack (0.4.1)
      safe_yaml (~> 0.9.0)
    diff-lcs (1.1.3)
    execjs (1.4.0)
      multi_json (~> 1.0)
    fssm (0.2.10)
    haml (3.2.0.rc.2)
      tilt
    httmultiparty (0.3.10)
      httparty (>= 0.7.3)
      multipart-post
    httparty (0.11.0)
      multi_json (~> 1.0)
      multi_xml (>= 0.5.2)
    i18n (0.6.4)
    json (1.8.0)
    less (2.2.2)
      commonjs (~> 0.2.6)
    libv8 (3.11.8.17)
    logger (1.2.8)
    mime-types (1.23)
    mocha (0.9.12)
    multi_json (1.2.0)
    multi_xml (0.5.4)
    multipart-post (1.2.0)
    rack (1.5.2)
    rack-test (0.6.2)
      rack (>= 1.0)
    rake (0.9.2)
    ref (1.0.5)
    rspec (2.6.0)
      rspec-core (~> 2.6.0)
      rspec-expectations (~> 2.6.0)
      rspec-mocks (~> 2.6.0)
    rspec-core (2.6.4)
    rspec-expectations (2.6.0)
      diff-lcs (~> 1.1.2)
    rspec-mocks (2.6.0)
    ruby-debug-wrapper (0.0.1)
    safe_yaml (0.9.4)
    sass (3.2.9)
    stringex (1.4.0)
    therubyracer (0.11.4)
      libv8 (~> 3.11.8.12)
      ref
    tilt (1.3.3)
    vcr (2.4.0)
    webmock (1.9.3)
      addressable (>= 2.2.7)
      crack (>= 0.3.2)
    zip (2.0.2)

PLATFORMS
  ruby

DEPENDENCIES
  locomotivecms_mounter!
  mocha (= 0.9.12)
  rack-test (~> 0.6.1)
  rake (= 0.9.2)
  rspec (~> 2.6.0)
  ruby-debug-wrapper (~> 0.0.1)
  therubyracer (~> 0.11.4)
  vcr (= 2.4.0)
  webmock (= 1.9.3)
