PATH
  remote: .
  specs:
    locomotivecms_mounter (1.0.0)
      RedCloth (~> 4.2.3)
      activesupport (~> 3.1.3)
      coffee-script (~> 2.2.0)
      colorize (~> 0.5.8)
      compass (~> 0.12.1)
      haml (= 3.1.6)
      httmultiparty (= 0.3.8)
      i18n (~> 0.6.0)
      json (~> 1.6.5)
      multi_json (~> 1.2.0)
      therubyracer (~> 0.9.9)
      zip (~> 2.0.2)

GEM
  remote: http://rubygems.org/
  specs:
    RedCloth (4.2.9)
    activesupport (3.1.5)
      multi_json (>= 1.0, < 1.3)
    chunky_png (1.2.5)
    coffee-script (2.2.0)
      coffee-script-source
      execjs
    coffee-script-source (1.3.3)
    colorize (0.5.8)
    compass (0.12.1)
      chunky_png (~> 1.2)
      fssm (>= 0.2.7)
      sass (~> 3.1)
    diff-lcs (1.1.3)
    execjs (1.4.0)
      multi_json (~> 1.0)
    fssm (0.2.9)
    haml (3.1.6)
    httmultiparty (0.3.8)
      httparty (>= 0.7.3)
      multipart-post
    httparty (0.8.3)
      multi_json (~> 1.0)
      multi_xml
    i18n (0.6.0)
    json (1.6.7)
    libv8 (3.3.10.4)
    mocha (0.9.12)
    multi_json (1.2.0)
    multi_xml (0.5.1)
    multipart-post (1.1.5)
    rack (1.4.1)
    rack-test (0.6.1)
      rack (>= 1.0)
    rake (0.9.2)
    rspec (2.6.0)
      rspec-core (~> 2.6.0)
      rspec-expectations (~> 2.6.0)
      rspec-mocks (~> 2.6.0)
    rspec-core (2.6.4)
    rspec-expectations (2.6.0)
      diff-lcs (~> 1.1.2)
    rspec-mocks (2.6.0)
    ruby-debug-wrapper (0.0.1)
    sass (3.1.19)
    therubyracer (0.9.10)
      libv8 (~> 3.3.10)
    zip (2.0.2)

PLATFORMS
  ruby

DEPENDENCIES
  locomotivecms_mounter!
  mocha (= 0.9.12)
  rack-test (~> 0.6.1)
  rake (= 0.9.2)
  rspec (~> 2.6.0)
  ruby-debug-wrapper (~> 0.0.1)
